GIT
  remote: git://github.com/nervosnetwork/ckb-sdk-ruby.git
  revision: 24ec8d5c5c6f3fce894fbb47d0d00337c1e3c897
  specs:
    ckb-sdk-ruby (0.29.0)
      bitcoin-secp256k1 (~> 0.5.2)
      net-http-persistent (~> 3.0.0)
      rbnacl (~> 6.0, >= 6.0.1)

GEM
  specs:
    bitcoin-secp256k1 (0.5.2)
      ffi (>= 1.9.25)
    connection_pool (2.2.2)
    ffi (1.11.1)
    net-http-persistent (3.0.1)
      connection_pool (~> 2.2)
    rbnacl (6.0.1)
      ffi

PLATFORMS
  ruby

DEPENDENCIES
  ckb-sdk-ruby!

BUNDLED WITH
   2.0.1
