GIT
  remote: git://github.com/nervosnetwork/ckb-sdk-ruby.git
  revision: d53cf66aa5d95526c4957fefc1143351c3b3440c
  specs:
    ckb-sdk-ruby (0.31.0)
      bitcoin-secp256k1 (~> 0.5.2)
      net-http-persistent (~> 3.0.0)
      rbnacl (~> 6.0, >= 6.0.1)

GEM
  specs:
    bitcoin-secp256k1 (0.5.2)
      ffi (>= 1.9.25)
    connection_pool (2.2.2)
    ffi (1.12.2)
    net-http-persistent (3.0.1)
      connection_pool (~> 2.2)
    rbnacl (6.0.1)
      ffi

PLATFORMS
  ruby

DEPENDENCIES
  ckb-sdk-ruby!

BUNDLED WITH
   2.0.1
